GEM
  remote: https://rubygems.org/
  specs:
    cli-ui (1.3.0)

PLATFORMS
  ruby

DEPENDENCIES
  bundler
  cli-ui

BUNDLED WITH
   1.17.3
